PATH
  remote: .
  specs:
    kupo (0.3.0.pre.5)
      clamp (= 1.2.1)
      deep_merge
      dry-struct
      dry-validation
      fugit
      kubeclient
      net-scp
      net-ssh
      pastel

GEM
  remote: https://rubygems.org/
  specs:
    addressable (2.5.2)
      public_suffix (>= 2.0.2, < 4.0)
    clamp (1.2.1)
    concurrent-ruby (1.0.5)
    deep_merge (1.2.1)
    diff-lcs (1.3)
    domain_name (0.5.20170404)
      unf (>= 0.0.5, < 1.0.0)
    dry-configurable (0.7.0)
      concurrent-ruby (~> 1.0)
    dry-container (0.6.0)
      concurrent-ruby (~> 1.0)
      dry-configurable (~> 0.1, >= 0.1.3)
    dry-core (0.4.4)
      concurrent-ruby (~> 1.0)
    dry-equalizer (0.2.0)
    dry-logic (0.4.2)
      dry-container (~> 0.2, >= 0.2.6)
      dry-core (~> 0.2)
      dry-equalizer (~> 0.2)
    dry-struct (0.4.0)
      dry-core (~> 0.4, >= 0.4.1)
      dry-equalizer (~> 0.2)
      dry-types (~> 0.12, >= 0.12.2)
      ice_nine (~> 0.11)
    dry-types (0.12.2)
      concurrent-ruby (~> 1.0)
      dry-configurable (~> 0.1)
      dry-container (~> 0.3)
      dry-core (~> 0.2, >= 0.2.1)
      dry-equalizer (~> 0.2)
      dry-logic (~> 0.4, >= 0.4.2)
      inflecto (~> 0.0.0, >= 0.0.2)
    dry-validation (0.11.1)
      concurrent-ruby (~> 1.0)
      dry-configurable (~> 0.1, >= 0.1.3)
      dry-core (~> 0.2, >= 0.2.1)
      dry-equalizer (~> 0.2)
      dry-logic (~> 0.4, >= 0.4.0)
      dry-types (~> 0.12.0)
    equatable (0.5.0)
    et-orbi (1.0.9)
      tzinfo
    fakefs (0.13.2)
    fugit (1.0.0)
      et-orbi (>= 1.0.5)
      raabro (~> 1.1)
    http (2.2.2)
      addressable (~> 2.3)
      http-cookie (~> 1.0)
      http-form_data (~> 1.0.1)
      http_parser.rb (~> 0.6.0)
    http-cookie (1.0.3)
      domain_name (~> 0.5)
    http-form_data (1.0.3)
    http_parser.rb (0.6.0)
    ice_nine (0.11.2)
    inflecto (0.0.2)
    kubeclient (3.0.0)
      http (~> 2.2.2)
      recursive-open-struct (~> 1.0.4)
      rest-client (~> 2.0)
    mime-types (3.1)
      mime-types-data (~> 3.2015)
    mime-types-data (3.2016.0521)
    net-scp (1.2.1)
      net-ssh (>= 2.6.5)
    net-ssh (4.2.0)
    netrc (0.11.0)
    pastel (0.7.2)
      equatable (~> 0.5.0)
      tty-color (~> 0.4.0)
    public_suffix (3.0.2)
    raabro (1.1.5)
    rake (10.5.0)
    recursive-open-struct (1.0.5)
    rest-client (2.0.2)
      http-cookie (>= 1.0.2, < 2.0)
      mime-types (>= 1.16, < 4.0)
      netrc (~> 0.8)
    rspec (3.7.0)
      rspec-core (~> 3.7.0)
      rspec-expectations (~> 3.7.0)
      rspec-mocks (~> 3.7.0)
    rspec-core (3.7.1)
      rspec-support (~> 3.7.0)
    rspec-expectations (3.7.0)
      diff-lcs (>= 1.2.0, < 2.0)
      rspec-support (~> 3.7.0)
    rspec-mocks (3.7.0)
      diff-lcs (>= 1.2.0, < 2.0)
      rspec-support (~> 3.7.0)
    rspec-support (3.7.1)
    thread_safe (0.3.6)
    tty-color (0.4.2)
    tzinfo (1.2.5)
      thread_safe (~> 0.1)
    unf (0.1.4)
      unf_ext
    unf_ext (0.0.7.5)

PLATFORMS
  ruby

DEPENDENCIES
  bundler (~> 1.15)
  fakefs (~> 0.13)
  kupo!
  rake (~> 10.0)
  rspec (~> 3.7)

BUNDLED WITH
   1.16.1
